GEM
  remote: https://rubygems.org/
  specs:
    cuba (3.9.3)
      rack (>= 1.6.0)
    json (2.3.1)
    mustermann (1.1.1)
      ruby2_keywords (~> 0.0.1)
    mysql2 (0.5.3)
    mysql2 (0.5.3-x64-mingw32)
    rack (2.2.6.2)
    rack-protection (2.1.0)
      rack
    ruby2_keywords (0.0.2)
    securerandom (0.1.0)
    sinatra (2.1.0)
      mustermann (~> 1.0)
      rack (~> 2.2)
      rack-protection (= 2.1.0)
      tilt (~> 2.0)
    sinatra-cross_origin (0.3.2)
    tilt (2.0.10)

PLATFORMS
  ruby
  x64-mingw32

DEPENDENCIES
  cuba
  json
  mysql2 (~> 0.5.2)
  securerandom
  sinatra
  sinatra-cross_origin (~> 0.3.1)

BUNDLED WITH
   2.1.4
